GEM
  remote: https://rubygems.org/
  specs:
    sorbet-runtime (0.5.6362)

PLATFORMS
  ruby

DEPENDENCIES
  sorbet-runtime

RUBY VERSION
   ruby 2.6.6p146

BUNDLED WITH
   2.1.4
